GIT
  remote: https://github.com/livingsocial/rake-pipeline.git
  revision: 3465e0e3e134bf52ddf5d138e8c8262412080095
  specs:
    rake-pipeline (0.6.0)
      rake (~> 0.9.0)
      thor

GIT
  remote: https://github.com/wycats/rake-pipeline-web-filters.git
  revision: e14e78ae70d0d25b1668c5273e80cd05a4ee52e6
  specs:
    rake-pipeline-web-filters (0.6.0)
      rack
      rake-pipeline (~> 0.6)

GEM
  remote: http://rubygems.org/
  specs:
    POpen4 (0.1.4)
      Platform (>= 0.4.0)
      open4
    Platform (0.4.0)
    activesupport (3.2.8)
      i18n (~> 0.6)
      multi_json (~> 1.0)
    chunky_png (1.2.6)
    coffee-script (2.2.0)
      coffee-script-source
      execjs
    coffee-script-source (1.3.3)
    compass (0.12.2)
      chunky_png (~> 1.2)
      fssm (>= 0.2.7)
      sass (~> 3.1)
    execjs (1.4.0)
      multi_json (~> 1.0)
    fssm (0.2.9)
    i18n (0.6.1)
    multi_json (1.3.6)
    open4 (1.3.0)
    pd (1.1.0)
    pimpmychangelog (0.0.3)
    rack (1.4.1)
    rack-rewrite (1.2.1)
    rake (0.9.2.2)
    sass (3.2.1)
    tagen (2.0.1)
      activesupport
      pd
    thor (0.16.0)
    uglifier (1.3.0)
      execjs (>= 0.3.0)
      multi_json (~> 1.0, >= 1.0.2)
    watchr (0.7)
    yui-compressor (0.9.6)
      POpen4 (>= 0.1.4)

PLATFORMS
  ruby

DEPENDENCIES
  coffee-script
  compass
  pd
  pimpmychangelog
  rack
  rack-rewrite
  rake
  rake-pipeline!
  rake-pipeline-web-filters!
  sass
  tagen
  uglifier
  watchr
  yui-compressor
