GIT
  remote: https://github.com/livingsocial/rake-pipeline.git
  revision: b70ca6cad7655e58d13031f3e24df7dfc74f9030
  specs:
    rake-pipeline (0.6.0)
      rake (~> 0.9.0)
      thor

GIT
  remote: https://github.com/wycats/rake-pipeline-web-filters.git
  revision: ba0b8a00356b4c854930a8e849b5629d51ffd70f
  specs:
    rake-pipeline-web-filters (0.6.0)
      rack
      rake-pipeline (~> 0.6)

GEM
  remote: http://rubygems.org/
  specs:
    POpen4 (0.1.4)
      Platform (>= 0.4.0)
      open4
    Platform (0.4.0)
    activesupport (3.1.4)
      multi_json (~> 1.0)
    awesome_print (1.0.2)
    chunky_png (1.2.5)
    coffee-script (2.2.0)
      coffee-script-source
      execjs
    coffee-script-source (1.2.0)
    compass (0.11.7)
      chunky_png (~> 1.2)
      fssm (>= 0.2.7)
      sass (~> 3.1)
    execjs (1.3.0)
      multi_json (~> 1.0)
    fssm (0.2.8.1)
    i18n (0.6.0)
    multi_json (1.1.0)
    open4 (1.3.0)
    pd (1.0.5)
      awesome_print
    rack (1.4.1)
    rack-rewrite (1.2.1)
    rake (0.9.2.2)
    sass (3.1.15)
    tagen (1.1.7)
      activesupport (~> 3.1.0)
      i18n
      pd
    thor (0.14.6)
    uglifier (1.2.3)
      execjs (>= 0.3.0)
      multi_json (>= 1.0.2)
    watchr (0.7)
    yui-compressor (0.9.6)
      POpen4 (>= 0.1.4)

PLATFORMS
  ruby

DEPENDENCIES
  coffee-script
  compass
  pd
  rack
  rack-rewrite
  rake
  rake-pipeline!
  rake-pipeline-web-filters!
  sass
  tagen
  uglifier
  watchr
  yui-compressor
